GEM
  remote: http://rubygems.org/
  specs:
    colored (1.2)
    slop (3.4.4)

PLATFORMS
  ruby

DEPENDENCIES
  colored
  slop
